PATH
  remote: .
  specs:
    facebook_api (0.1.4)
      oauth2 (~> 0.5.0)
      rest-client (~> 1.6.1)

GEM
  remote: http://rubygems.org/
  specs:
    activesupport (3.2.8)
      i18n (~> 0.6)
      multi_json (~> 1.0)
    addressable (2.2.6)
    crack (0.3.0)
    faraday (0.7.4)
      addressable (~> 2.2.6)
      multipart-post (~> 1.1.0)
      rack (>= 1.1.0, < 2)
    i18n (0.6.1)
    mime-types (1.16)
    mocha (0.9.12)
    multi_json (1.0.3)
    multipart-post (1.1.3)
    oauth2 (0.5.0)
      faraday (>= 0.6.1, < 0.8)
      multi_json (~> 1.0.0)
    rack (1.3.3)
    rake (0.9.2.2)
    rest-client (1.6.7)
      mime-types (>= 1.16)
    shoulda (2.11.3)
    test-unit (2.4.0)
    tzinfo (0.3.33)
    webmock (1.6.4)
      addressable (~> 2.2, > 2.2.5)
      crack (>= 0.1.7)

PLATFORMS
  ruby

DEPENDENCIES
  activesupport (>= 3.2)
  facebook_api!
  mocha (~> 0.9.10)
  rake (~> 0.9.2)
  shoulda (~> 2.11.3)
  test-unit
  tzinfo (~> 0.3.29)
  webmock (~> 1.6.1)
